GEM
  remote: http://rubygems.org/
  specs:
    json_pure (1.4.6)
    mime-types (1.16)
    rest-client (1.6.1)
      mime-types (>= 1.16)
    rspec (1.3.0)

PLATFORMS
  ruby

DEPENDENCIES
  json_pure (>= 1.4.6)
  mime-types (>= 1.16)
  rest-client (>= 1.6.1.a)
  rspec (>= 1.2.9)
